GEM
  remote: https://rubygems.org/
  specs:
    backports (3.11.1)
    coderay (1.1.2)
    fastest-csv (0.0.4)
    method_source (0.9.0)
    nmatrix (0.2.4)
      packable (~> 1.3, >= 1.3.5)
    packable (1.3.9)
      backports
    pry (0.11.3)
      coderay (~> 1.1.0)
      method_source (~> 0.9.0)

PLATFORMS
  ruby

DEPENDENCIES
  fastest-csv!
  nmatrix!
  pry!

BUNDLED WITH
   1.16.0
